PATH
  remote: .
  specs:
    bitmask_attributes_helpers (0.0.1)
      bitmask_attributes

GEM
  remote: http://rubygems.org/
  specs:
    activemodel (3.2.13)
      activesupport (= 3.2.13)
      builder (~> 3.0.0)
    activerecord (3.2.13)
      activemodel (= 3.2.13)
      activesupport (= 3.2.13)
      arel (~> 3.0.2)
      tzinfo (~> 0.3.29)
    activesupport (3.2.13)
      i18n (= 0.6.1)
      multi_json (~> 1.0)
    ansi (1.4.2)
    arel (3.0.2)
    bitmask_attributes (0.4.0)
      activerecord (~> 3.0)
    builder (3.0.4)
    diff-lcs (1.2.4)
    i18n (0.6.1)
    multi_json (1.7.7)
    polyamorous (0.5.0)
      activerecord (~> 3.0)
    rake (0.9.2.2)
    rspec (2.13.0)
      rspec-core (~> 2.13.0)
      rspec-expectations (~> 2.13.0)
      rspec-mocks (~> 2.13.0)
    rspec-core (2.13.1)
    rspec-expectations (2.13.0)
      diff-lcs (>= 1.1.3, < 2.0)
    rspec-mocks (2.13.1)
    sqlite3 (1.3.5)
    squeel (1.0.18)
      activerecord (~> 3.0)
      activesupport (~> 3.0)
      polyamorous (~> 0.5.0)
    turn (0.8.3)
      ansi
    tzinfo (0.3.37)

PLATFORMS
  ruby

DEPENDENCIES
  bitmask_attributes
  bitmask_attributes_helpers!
  rake
  rspec
  sqlite3 (>= 1.3.5)
  squeel
  turn
